GEM
  remote: https://rubygems.org/
  specs:
<<<<<<< HEAD
    byebug (10.0.2)
=======
>>>>>>> 718e5f1c3084e13920a59f1aa789ea778baff25e
    diff-lcs (1.3)
    rspec (3.4.0)
      rspec-core (~> 3.4.0)
      rspec-expectations (~> 3.4.0)
      rspec-mocks (~> 3.4.0)
    rspec-core (3.4.4)
      rspec-support (~> 3.4.0)
    rspec-expectations (3.4.0)
      diff-lcs (>= 1.2.0, < 2.0)
      rspec-support (~> 3.4.0)
    rspec-mocks (3.4.1)
      diff-lcs (>= 1.2.0, < 2.0)
      rspec-support (~> 3.4.0)
    rspec-support (3.4.1)

PLATFORMS
  ruby
<<<<<<< HEAD

DEPENDENCIES
  byebug
=======
  x64-mingw32

DEPENDENCIES
>>>>>>> 718e5f1c3084e13920a59f1aa789ea778baff25e
  rspec (~> 3.4.0)

BUNDLED WITH
   1.14.6
